ObjectType = Image
NDims = 3
BinaryData = True
BinaryDataByteOrderMSB = False
CompressedData = False
TransformMatrix = 1 0 0 0 1 0 0 0 1
Offset = -54.815300000000001 -61.629600000000003 -42.680300000000003
CenterOfRotation = 0 0 0
AnatomicalOrientation = RAI
ElementSpacing = 0.48828100000000002 0.48828100000000002 1
DimSize = 271 333 86
ElementType = MET_FLOAT
ElementDataFile = result.0.raw
